GEM
  remote: https://rubygems.org/
  specs:
    awesome_print (1.8.0)
    coderay (1.1.2)
    method_source (0.9.2)
    pg (1.1.4)
    pry (0.12.2)
      coderay (~> 1.1.0)
      method_source (~> 0.9.0)
    retryable (3.0.4)

PLATFORMS
  ruby

DEPENDENCIES
  awesome_print!
  pg!
  pry!
  retryable!

BUNDLED WITH
   2.0.1
